PATH
  remote: .
  specs:
    bri (0.4.4)
      rdoc (~> 6.13.0)
      term-ansicolor (>= 1.7.1)

GEM
  remote: https://rubygems.org/
  specs:
    bigdecimal (3.1.9)
    byebug (12.0.0)
    date (3.4.1)
    diff-lcs (1.6.2)
    psych (5.2.6)
      date
      stringio
    rdoc (6.13.1)
      psych (>= 4.0.0)
    rspec (3.13.0)
      rspec-core (~> 3.13.0)
      rspec-expectations (~> 3.13.0)
      rspec-mocks (~> 3.13.0)
    rspec-core (3.13.3)
      rspec-support (~> 3.13.0)
    rspec-expectations (3.13.4)
      diff-lcs (>= 1.2.0, < 2.0)
      rspec-support (~> 3.13.0)
    rspec-its (2.0.0)
      rspec-core (>= 3.13.0)
      rspec-expectations (>= 3.13.0)
    rspec-mocks (3.13.4)
      diff-lcs (>= 1.2.0, < 2.0)
      rspec-support (~> 3.13.0)
    rspec-support (3.13.3)
    stringio (3.1.7)
    sync (0.5.0)
    term-ansicolor (1.11.2)
      tins (~> 1.0)
    tins (1.38.0)
      bigdecimal
      sync

PLATFORMS
  ruby
  x86_64-linux

DEPENDENCIES
  bri!
  byebug
  rspec (~> 3.13.0)
  rspec-its

BUNDLED WITH
   2.6.9
