PATH
  remote: .
  specs:
    bri (0.4.1)
      rdoc (~> 6.1.1)
      term-ansicolor (>= 1.7.1)

GEM
  remote: https://rubygems.org/
  specs:
    byebug (11.0.1)
    diff-lcs (1.3)
    rdoc (6.1.1)
    rspec (3.8.0)
      rspec-core (~> 3.8.0)
      rspec-expectations (~> 3.8.0)
      rspec-mocks (~> 3.8.0)
    rspec-core (3.8.1)
      rspec-support (~> 3.8.0)
    rspec-expectations (3.8.4)
      diff-lcs (>= 1.2.0, < 2.0)
      rspec-support (~> 3.8.0)
    rspec-its (1.3.0)
      rspec-core (>= 3.0.0)
      rspec-expectations (>= 3.0.0)
    rspec-mocks (3.8.1)
      diff-lcs (>= 1.2.0, < 2.0)
      rspec-support (~> 3.8.0)
    rspec-support (3.8.2)
    term-ansicolor (1.7.1)
      tins (~> 1.0)
    tins (1.20.3)

PLATFORMS
  ruby

DEPENDENCIES
  bri!
  byebug
  rspec (~> 3.8.0)
  rspec-its

BUNDLED WITH
   2.0.1
